GEM
  remote: http://rubygems.org/
  specs:
    builder (3.2.0)
    childprocess (0.3.9)
      ffi (~> 1.0, >= 1.0.11)
    cucumber (1.2.3)
      builder (>= 2.1.2)
      diff-lcs (>= 1.1.3)
      gherkin (~> 2.11.6)
      multi_json (~> 1.3)
    data_magic (0.14)
      faker (>= 1.1.2)
      yml_reader (>= 0.2)
    diff-lcs (1.2.1)
    faker (1.1.2)
      i18n (~> 0.5)
    ffi (1.6.0-x86-mingw32)
    gherkin (2.11.6-x86-mingw32)
      json (>= 1.7.6)
    i18n (0.6.4)
    json (1.7.7)
    mohawk (0.0.2.7)
      page_navigation
      rautomation (>= 0.8.0)
      require_all
    multi_json (1.7.2)
    page_navigation (0.7)
      data_magic (>= 0.14)
    rake (10.0.4)
    rautomation (0.8.0)
      ffi
    require_all (1.2.1)
    rspec (2.13.0)
      rspec-core (~> 2.13.0)
      rspec-expectations (~> 2.13.0)
      rspec-mocks (~> 2.13.0)
    rspec-core (2.13.1)
    rspec-expectations (2.13.0)
      diff-lcs (>= 1.1.3, < 2.0)
    rspec-mocks (2.13.0)
    yml_reader (0.2)

PLATFORMS
  x86-mingw32

DEPENDENCIES
  childprocess
  cucumber
  mohawk
  rake
  rspec
